GIT
  remote: https://github.com/prawnpdf/prawn.git
  revision: 0c64cd47c52a3344e5a0efff360c0711fee4091d
  specs:
    prawn (2.4.0)
      matrix (~> 0.4)
      pdf-core (~> 0.9.0)
      ttfunk (~> 1.7)

GEM
  remote: https://rubygems.org/
  specs:
    diff-lcs (1.4.4)
    matrix (0.4.2)
    pdf-core (0.9.0)
    rake (13.0.6)
    rspec (3.10.0)
      rspec-core (~> 3.10.0)
      rspec-expectations (~> 3.10.0)
      rspec-mocks (~> 3.10.0)
    rspec-core (3.10.1)
      rspec-support (~> 3.10.0)
    rspec-expectations (3.10.1)
      diff-lcs (>= 1.2.0, < 2.0)
      rspec-support (~> 3.10.0)
    rspec-mocks (3.10.2)
      diff-lcs (>= 1.2.0, < 2.0)
      rspec-support (~> 3.10.0)
    rspec-support (3.10.3)
    ttfunk (1.7.0)

PLATFORMS
  ruby

DEPENDENCIES
  prawn!
  rake
  rspec

BUNDLED WITH
   2.1.4
