GIT
  remote: https://github.com/prawnpdf/prawn.git
  revision: 0c64cd47c52a3344e5a0efff360c0711fee4091d
  specs:
    prawn (2.4.0)
      matrix (~> 0.4)
      pdf-core (~> 0.9.0)
      ttfunk (~> 1.7)

GEM
  remote: https://rubygems.org/
  specs:
    binding_of_caller (1.0.0)
      debug_inspector (>= 0.0.1)
    coderay (1.1.3)
    debug_inspector (1.1.0)
    diff-lcs (1.4.4)
    matrix (0.4.2)
    method_source (1.0.0)
    pdf-core (0.9.0)
    pry (0.14.1)
      coderay (~> 1.1)
      method_source (~> 1.0)
    pry-nav (1.0.0)
      pry (>= 0.9.10, < 0.15)
    rake (13.0.6)
    rspec (3.10.0)
      rspec-core (~> 3.10.0)
      rspec-expectations (~> 3.10.0)
      rspec-mocks (~> 3.10.0)
    rspec-core (3.10.1)
      rspec-support (~> 3.10.0)
    rspec-expectations (3.10.1)
      diff-lcs (>= 1.2.0, < 2.0)
      rspec-support (~> 3.10.0)
    rspec-mocks (3.10.2)
      diff-lcs (>= 1.2.0, < 2.0)
      rspec-support (~> 3.10.0)
    rspec-support (3.10.3)
    ttfunk (1.7.0)

PLATFORMS
  ruby

DEPENDENCIES
  binding_of_caller
  prawn!
  pry
  pry-nav
  rake
  rspec

BUNDLED WITH
   2.1.4
